GIT
  remote: https://github.com/sep/docx_mailmerge
  revision: 6e8b6a7700e3cd18e7439e123883025e85a15aff
  specs:
    docx_mailmerge (0.0.3)
      nokogiri
      zipruby

GEM
  remote: https://rubygems.org/
  specs:
    coercible (1.0.0)
      descendants_tracker (~> 0.0.1)
    combine_pdf (0.2.6)
      ruby-rc4 (>= 0.1.5)
    descendants_tracker (0.0.4)
      thread_safe (~> 0.3, >= 0.3.1)
    dotenv (0.11.1)
      dotenv-deployment (~> 0.0.2)
    dotenv-deployment (0.0.2)
    envied (0.8.1)
      coercible (~> 1.0)
      rack (~> 1.4)
      thor (~> 0.15)
    ffi (1.9.10)
    libreconv (0.9.1)
      spoon
    mini_portile2 (2.5.1)
    nokogiri (1.11.4)
      mini_portile2 (~> 2.5.0)
      racc (~> 1.4)
    racc (1.5.2)
    rack (1.6.4)
    rake (10.3.2)
    ruby-rc4 (0.1.5)
    spoon (0.0.4)
      ffi
    thor (0.19.1)
    thread_safe (0.3.5)
    zipruby (0.3.6)

PLATFORMS
  ruby

DEPENDENCIES
  combine_pdf
  docx_mailmerge!
  dotenv (~> 0.11.1)
  envied
  libreconv
  rake (~> 10.3.2)

BUNDLED WITH
   1.13.7
